PATH
  remote: .
  specs:
    vehicle_company (0.1.0)

GEM
  remote: https://rubygems.org/
  specs:
    rake (13.0.1)

PLATFORMS
  ruby

DEPENDENCIES
  bundler (~> 2.0)
  rake (~> 13.0)
  vehicle_company!

BUNDLED WITH
   2.0.2
